GIT
  remote: https://github.com/opf/omniauth-openid-connect.git
  revision: e1173e682a60010c018146443453560a13b01a90
  ref: e1173e682a60010c018146443453560a13b01a90
  specs:
    omniauth-openid-connect (0.4.0)
      addressable (~> 2.5)
      omniauth (~> 1.6)
      openid_connect (~> 1.1.6)

GIT
  remote: https://github.com/opf/omniauth-openid_connect-providers.git
  revision: a6c0c3ed78fac79cf4d007e40d4029e524ec7751
  ref: a6c0c3ed78fac79cf4d007e40d4029e524ec7751
  specs:
    omniauth-openid_connect-providers (0.2.0)
      omniauth-openid-connect (>= 0.2.1)

GIT
  remote: https://github.com/opf/openproject-translations.git
  revision: 6ce2c62dbfe751aee9fa212fb1768784c42dea81
  branch: dev
  specs:
    openproject-translations (7.4.0)
      crowdin-api (~> 0.6.0)
      mixlib-shellout (~> 2.1.0)
      rubyzip

PATH
  remote: modules/auth_plugins
  specs:
    openproject-auth_plugins (1.0.0)
      omniauth (~> 1.0)

PATH
  remote: modules/auth_saml
  specs:
    openproject-auth_saml (1.0.0)
      omniauth-saml (~> 1.10.1)

PATH
  remote: modules/avatars
  specs:
    openproject-avatars (1.0.0)
      fastimage (~> 2.2.0)
      gravatar_image_tag (~> 1.2.0)

PATH
  remote: modules/backlogs
  specs:
    openproject-backlogs (1.0.0)
      acts_as_list (~> 1.0.1)
      openproject-pdf_export

PATH
  remote: modules/bim
  specs:
    openproject-bim (1.0.0)
      activerecord-import
      rubyzip (~> 2.3.0)

PATH
  remote: modules/boards
  specs:
    openproject-boards (1.0.0)

PATH
  remote: modules/budgets
  specs:
    budgets (1.0.0)

PATH
  remote: modules/costs
  specs:
    costs (1.0.0)

PATH
  remote: modules/dashboards
  specs:
    dashboards (1.0.0)
      grids

PATH
  remote: modules/documents
  specs:
    openproject-documents (1.0.0)

PATH
  remote: modules/github_integration
  specs:
    openproject-github_integration (1.0.0)
      openproject-webhooks

PATH
  remote: modules/grids
  specs:
    grids (1.0.0)

PATH
  remote: modules/job_status
  specs:
    openproject-job_status (1.0.0)

PATH
  remote: modules/ldap_groups
  specs:
    openproject-ldap_groups (1.0.0)

PATH
  remote: modules/meeting
  specs:
    openproject-meeting (1.0.0)
      icalendar (~> 2.7.0)

PATH
  remote: modules/my_page
  specs:
    my_page (1.0.0)
      grids

PATH
  remote: modules/openid_connect
  specs:
    openproject-openid_connect (1.0.0)
      lobby_boy (~> 0.1.3)
      omniauth-openid_connect-providers (~> 0.1)
      openproject-auth_plugins

PATH
  remote: modules/overviews
  specs:
    overviews (1.0.0)
      grids

PATH
  remote: modules/pdf_export
  specs:
    openproject-pdf_export (1.0.0)
      pdf-inspector (~> 1.3.0)
      prawn (~> 2.2)

PATH
  remote: modules/recaptcha
  specs:
    openproject-recaptcha (1.0.0)
      recaptcha (~> 5.7)

PATH
  remote: modules/reporting
  specs:
    openproject-reporting (1.0.0)
      costs

PATH
  remote: modules/team_planner
  specs:
    openproject-team_planner (1.0.0)

PATH
  remote: modules/two_factor_authentication
  specs:
    openproject-two_factor_authentication (1.0.0)
      aws-sdk-sns (~> 1.48.0)
      messagebird-rest (~> 1.4.2)
      rotp (~> 6.1)

PATH
  remote: modules/webhooks
  specs:
    openproject-webhooks (1.0.0)

PATH
  remote: modules/xls_export
  specs:
    openproject-xls_export (1.0.0)
      spreadsheet (~> 1.3.0)

GEM
  remote: https://rubygems.org/
  specs:
    Ascii85 (1.1.0)
    actioncable (7.0.4)
      actionpack (= 7.0.4)
      activesupport (= 7.0.4)
      nio4r (~> 2.0)
      websocket-driver (>= 0.6.1)
    actionmailbox (7.0.4)
      actionpack (= 7.0.4)
      activejob (= 7.0.4)
      activerecord (= 7.0.4)
      activestorage (= 7.0.4)
      activesupport (= 7.0.4)
      mail (>= 2.7.1)
      net-imap
      net-pop
      net-smtp
    actionmailer (7.0.4)
      actionpack (= 7.0.4)
      actionview (= 7.0.4)
      activejob (= 7.0.4)
      activesupport (= 7.0.4)
      mail (~> 2.5, >= 2.5.4)
      net-imap
      net-pop
      net-smtp
      rails-dom-testing (~> 2.0)
    actionpack (7.0.4)
      actionview (= 7.0.4)
      activesupport (= 7.0.4)
      rack (~> 2.0, >= 2.2.0)
      rack-test (>= 0.6.3)
      rails-dom-testing (~> 2.0)
      rails-html-sanitizer (~> 1.0, >= 1.2.0)
    actiontext (7.0.4)
      actionpack (= 7.0.4)
      activerecord (= 7.0.4)
      activestorage (= 7.0.4)
      activesupport (= 7.0.4)
      globalid (>= 0.6.0)
      nokogiri (>= 1.8.5)
    actionview (7.0.4)
      activesupport (= 7.0.4)
      builder (~> 3.1)
      erubi (~> 1.4)
      rails-dom-testing (~> 2.0)
      rails-html-sanitizer (~> 1.1, >= 1.2.0)
    activejob (7.0.4)
      activesupport (= 7.0.4)
      globalid (>= 0.3.6)
    activemodel (7.0.4)
      activesupport (= 7.0.4)
    activerecord (7.0.4)
      activemodel (= 7.0.4)
      activesupport (= 7.0.4)
    activerecord-import (1.4.1)
      activerecord (>= 4.2)
    activestorage (7.0.4)
      actionpack (= 7.0.4)
      activejob (= 7.0.4)
      activerecord (= 7.0.4)
      activesupport (= 7.0.4)
      marcel (~> 1.0)
      mini_mime (>= 1.1.0)
    activesupport (7.0.4)
      concurrent-ruby (~> 1.0, >= 1.0.2)
      i18n (>= 1.6, < 2)
      minitest (>= 5.1)
      tzinfo (~> 2.0)
    acts_as_list (1.0.4)
      activerecord (>= 4.2)
    addressable (2.8.1)
      public_suffix (>= 2.0.2, < 6.0)
    aes_key_wrap (1.1.0)
    afm (0.2.2)
    attr_required (1.0.1)
    aws-eventstream (1.2.0)
    aws-partitions (1.649.0)
    aws-sdk-core (3.163.0)
      aws-eventstream (~> 1, >= 1.0.2)
      aws-partitions (~> 1, >= 1.525.0)
      aws-sigv4 (~> 1.1)
      jmespath (~> 1, >= 1.6.1)
    aws-sdk-sns (1.48.0)
      aws-sdk-core (~> 3, >= 3.122.0)
      aws-sigv4 (~> 1.1)
    aws-sigv4 (1.5.2)
      aws-eventstream (~> 1, >= 1.0.2)
    bindata (2.4.13)
    builder (3.2.4)
    concurrent-ruby (1.1.10)
    crass (1.0.6)
    crowdin-api (0.6.0)
      rest-client (~> 2.0)
    domain_name (0.5.20190701)
      unf (>= 0.0.5, < 1.0.0)
    erubi (1.11.0)
    faraday (2.6.0)
      faraday-net_http (>= 2.0, < 3.1)
      ruby2_keywords (>= 0.0.4)
    faraday-follow_redirects (0.3.0)
      faraday (>= 1, < 3)
    faraday-net_http (3.0.1)
    fastimage (2.2.6)
    globalid (1.0.0)
      activesupport (>= 5.0)
    gravatar_image_tag (1.2.0)
    hashery (2.1.2)
    hashie (5.0.0)
    http-accept (1.7.0)
    http-cookie (1.0.5)
      domain_name (~> 0.5)
    i18n (1.12.0)
      concurrent-ruby (~> 1.0)
    icalendar (2.7.1)
      ice_cube (~> 0.16)
    ice_cube (0.16.4)
    jmespath (1.6.1)
    json (2.6.3)
    json-jwt (1.16.1)
      activesupport (>= 4.2)
      aes_key_wrap
      bindata
      faraday (~> 2.0)
      faraday-follow_redirects
    ladle (1.0.1)
      open4 (~> 1.0)
    lobby_boy (0.1.3)
      omniauth (~> 1.1)
      omniauth-openid-connect (>= 0.2.1)
      rails (>= 3.2.21)
    loofah (2.19.0)
      crass (~> 1.0.2)
      nokogiri (>= 1.5.9)
    mail (2.7.1)
      mini_mime (>= 0.1.1)
    marcel (1.0.2)
    messagebird-rest (1.4.2)
    method_source (1.0.0)
    mime-types (3.4.1)
      mime-types-data (~> 3.2015)
    mime-types-data (3.2022.0105)
    mini_mime (1.1.2)
    mini_portile2 (2.8.0)
    minitest (5.16.3)
    mixlib-shellout (2.1.0)
    net-imap (0.3.1)
      net-protocol
    net-pop (0.1.2)
      net-protocol
    net-protocol (0.1.3)
      timeout
    net-smtp (0.3.2)
      net-protocol
    netrc (0.11.0)
    nio4r (2.5.8)
    nokogiri (1.13.9)
      mini_portile2 (~> 2.8.0)
      racc (~> 1.4)
    omniauth (1.9.2)
      hashie (>= 3.4.6)
      rack (>= 1.6.2, < 3)
    omniauth-saml (1.10.3)
      omniauth (~> 1.3, >= 1.3.2)
      ruby-saml (~> 1.9)
    open4 (1.3.4)
    openid_connect (1.1.8)
      activemodel
      attr_required (>= 1.0.0)
      json-jwt (>= 1.5.0)
      rack-oauth2 (>= 1.6.1)
      swd (>= 1.0.0)
      tzinfo
      validate_email
      validate_url
      webfinger (>= 1.0.1)
    pdf-core (0.9.0)
    pdf-inspector (1.3.0)
      pdf-reader (>= 1.0, < 3.0.a)
    pdf-reader (2.10.0)
      Ascii85 (~> 1.0)
      afm (~> 0.2.1)
      hashery (~> 2.0)
      ruby-rc4
      ttfunk
    prawn (2.4.0)
      pdf-core (~> 0.9.0)
      ttfunk (~> 1.7)
    public_suffix (5.0.0)
    racc (1.6.0)
    rack (2.2.4)
    rack-oauth2 (2.2.0)
      activesupport
      attr_required
      faraday (~> 2.0)
      faraday-follow_redirects
      json-jwt (>= 1.11.0)
      rack (>= 2.1.0)
    rack-test (2.0.2)
      rack (>= 1.3)
    rails (7.0.4)
      actioncable (= 7.0.4)
      actionmailbox (= 7.0.4)
      actionmailer (= 7.0.4)
      actionpack (= 7.0.4)
      actiontext (= 7.0.4)
      actionview (= 7.0.4)
      activejob (= 7.0.4)
      activemodel (= 7.0.4)
      activerecord (= 7.0.4)
      activestorage (= 7.0.4)
      activesupport (= 7.0.4)
      bundler (>= 1.15.0)
      railties (= 7.0.4)
    rails-dom-testing (2.0.3)
      activesupport (>= 4.2.0)
      nokogiri (>= 1.6)
    rails-html-sanitizer (1.4.3)
      loofah (~> 2.3)
    railties (7.0.4)
      actionpack (= 7.0.4)
      activesupport (= 7.0.4)
      method_source
      rake (>= 12.2)
      thor (~> 1.0)
      zeitwerk (~> 2.5)
    rake (13.0.6)
    recaptcha (5.13.0)
      json
    rest-client (2.1.0)
      http-accept (>= 1.7.0, < 2.0)
      http-cookie (>= 1.0.2, < 2.0)
      mime-types (>= 1.16, < 4.0)
      netrc (~> 0.8)
    rexml (3.2.5)
    rotp (6.2.0)
    ruby-ole (1.2.12.2)
    ruby-rc4 (0.1.5)
    ruby-saml (1.14.0)
      nokogiri (>= 1.10.5)
      rexml
    ruby2_keywords (0.0.5)
    rubyzip (2.3.2)
    spreadsheet (1.3.0)
      ruby-ole
    swd (2.0.2)
      activesupport (>= 3)
      attr_required (>= 0.0.5)
      faraday (~> 2.0)
      faraday-follow_redirects
    thor (1.2.1)
    timeout (0.3.0)
    ttfunk (1.7.0)
    tzinfo (2.0.5)
      concurrent-ruby (~> 1.0)
    unf (0.1.4)
      unf_ext
    unf_ext (0.0.8.2)
    validate_email (0.1.6)
      activemodel (>= 3.0)
      mail (>= 2.2.5)
    validate_url (1.0.15)
      activemodel (>= 3.0.0)
      public_suffix
    webfinger (2.1.2)
      activesupport
      faraday (~> 2.0)
      faraday-follow_redirects
    websocket-driver (0.7.5)
      websocket-extensions (>= 0.1.0)
    websocket-extensions (0.1.5)
    zeitwerk (2.6.1)

PLATFORMS
  ruby

DEPENDENCIES
  budgets!
  costs!
  dashboards!
  grids!
  ladle
  my_page!
  omniauth-openid-connect!
  omniauth-openid_connect-providers!
  omniauth-saml (~> 1.10.1)
  openproject-auth_plugins!
  openproject-auth_saml!
  openproject-avatars!
  openproject-backlogs!
  openproject-bim!
  openproject-boards!
  openproject-documents!
  openproject-github_integration!
  openproject-job_status!
  openproject-ldap_groups!
  openproject-meeting!
  openproject-openid_connect!
  openproject-pdf_export!
  openproject-recaptcha!
  openproject-reporting!
  openproject-team_planner!
  openproject-translations!
  openproject-two_factor_authentication!
  openproject-webhooks!
  openproject-xls_export!
  overviews!

BUNDLED WITH
   2.1.4
